GEM
  remote: http://rubygems.org/
  specs:
    ansi (1.4.2)
    columnize (0.3.6)
    debugger (1.1.4)
      columnize (>= 0.3.1)
      debugger-linecache (~> 1.1.1)
      debugger-ruby_core_source (~> 1.1.3)
    debugger-linecache (1.1.1)
      debugger-ruby_core_source (>= 1.1.1)
    debugger-ruby_core_source (1.1.3)
    minitest (3.1.0)
    multi_json (1.3.6)
    simplecov (0.6.4)
      multi_json (~> 1.0)
      simplecov-html (~> 0.5.3)
    simplecov-html (0.5.3)
    turn (0.9.5)
      ansi

PLATFORMS
  ruby

DEPENDENCIES
  debugger
  minitest
  simplecov
  turn
